GEM
  remote: http://rubygems.org/
  specs:
    diff-lcs (1.1.2)
    erubis (2.7.0)
    git (1.2.5)
    jeweler (1.6.3)
      bundler (~> 1.0)
      git (>= 1.2.5)
      rake
    knjappserver (0.0.1)
    knjdbrevision ()
    knjrbfw (0.0.1)
    rake (0.9.2)
    rcov (0.9.9)
    rspec (2.3.0)
      rspec-core (~> 2.3.0)
      rspec-expectations (~> 2.3.0)
      rspec-mocks (~> 2.3.0)
    rspec-core (2.3.1)
    rspec-expectations (2.3.0)
      diff-lcs (~> 1.1.2)
    rspec-mocks (2.3.0)

PLATFORMS
  ruby

DEPENDENCIES
  bundler (~> 1.0.0)
  erubis
  jeweler (~> 1.6.3)
  knjappserver
  knjdbrevision
  knjrbfw
  rcov
  rspec (~> 2.3.0)
