GEM
  remote: http://rubygems.org/
  specs:
    datet (0.0.20)
    diff-lcs (1.1.3)
    erubis (2.7.0)
    fcgi (0.8.8)
    git (1.2.5)
    hayabusa (0.0.18)
      datet
      erubis
      fcgi
      http2
      knjrbfw
      mail
      tpool
    http2 (0.0.13)
    i18n (0.6.1)
    jeweler (1.6.4)
      bundler (~> 1.0)
      git (>= 1.2.5)
      rake
    knjrbfw (0.0.100)
      datet
      http2
      php4r
      tsafe
      wref
    mail (2.4.4)
      i18n (>= 0.4.0)
      mime-types (~> 1.16)
      treetop (~> 1.4.8)
    mime-types (1.19)
    php4r (0.0.3)
      datet
      http2
    polyglot (0.3.3)
    rake (0.9.2.2)
    rspec (2.3.0)
      rspec-core (~> 2.3.0)
      rspec-expectations (~> 2.3.0)
      rspec-mocks (~> 2.3.0)
    rspec-core (2.3.1)
    rspec-expectations (2.3.0)
      diff-lcs (~> 1.1.2)
    rspec-mocks (2.3.0)
    sqlite3 (1.3.6)
    tpool (0.0.4)
    treetop (1.4.11)
      polyglot
      polyglot (>= 0.3.1)
    tsafe (0.0.11)
    wref (0.0.5)

PLATFORMS
  ruby

DEPENDENCIES
  bundler (>= 1.0.0)
  datet
  hayabusa
  http2
  jeweler (~> 1.6.3)
  knjrbfw
  rspec (~> 2.3.0)
  sqlite3
