GEM
  remote: http://rubygems.org/
  specs:
    datet (0.0.12)
    diff-lcs (1.1.3)
    erubis (2.7.0)
    git (1.2.5)
    http2 (0.0.4)
    i18n (0.6.0)
    jeweler (1.6.4)
      bundler (~> 1.0)
      git (>= 1.2.5)
      rake
    knjappserver (0.0.29)
      datet
      erubis
      http2
      knjrbfw
      mail
      tsafe
    knjrbfw (0.0.66)
      datet
      http2
      tsafe
      wref
    mail (2.4.4)
      i18n (>= 0.4.0)
      mime-types (~> 1.16)
      treetop (~> 1.4.8)
    mime-types (1.19)
    polyglot (0.3.3)
    rake (0.9.2.2)
    rspec (2.3.0)
      rspec-core (~> 2.3.0)
      rspec-expectations (~> 2.3.0)
      rspec-mocks (~> 2.3.0)
    rspec-core (2.3.1)
    rspec-expectations (2.3.0)
      diff-lcs (~> 1.1.2)
    rspec-mocks (2.3.0)
    sqlite3 (1.3.6)
    treetop (1.4.10)
      polyglot
      polyglot (>= 0.3.1)
    tsafe (0.0.1)
    wref (0.0.4)

PLATFORMS
  ruby

DEPENDENCIES
  bundler (>= 1.0.0)
  datet
  jeweler (~> 1.6.3)
  knjappserver
  knjrbfw
  rspec (~> 2.3.0)
  sqlite3
