GEM
  remote: http://rubygems.org/
  specs:
    diff-lcs (1.1.2)
    erubis (2.7.0)
    git (1.2.5)
    i18n (0.6.0)
    jeweler (1.6.4)
      bundler (~> 1.0)
      git (>= 1.2.5)
      rake
    knjappserver (0.0.2)
      erubis
      knjdbrevision
      knjrbfw
      sqlite3
    knjdbrevision (0.0.2)
      knjrbfw
    knjrbfw (0.0.2)
      sqlite3
    mail (2.3.0)
      i18n (>= 0.4.0)
      mime-types (~> 1.16)
      treetop (~> 1.4.8)
    mime-types (1.16)
    polyglot (0.3.1)
    rake (0.9.2)
    rcov (0.9.9)
    rspec (2.3.0)
      rspec-core (~> 2.3.0)
      rspec-expectations (~> 2.3.0)
      rspec-mocks (~> 2.3.0)
    rspec-core (2.3.1)
    rspec-expectations (2.3.0)
      diff-lcs (~> 1.1.2)
    rspec-mocks (2.3.0)
    sqlite3 (1.3.3)
    treetop (1.4.9)
      polyglot (>= 0.3.1)

PLATFORMS
  ruby

DEPENDENCIES
  bundler (~> 1.0.0)
  erubis
  jeweler (~> 1.6.3)
  knjappserver (>= 0.0.2)
  knjdbrevision (>= 0.0.2)
  knjrbfw
  mail
  rcov
  rspec (~> 2.3.0)
  sqlite3
